GIT
  remote: https://github.com/joelliusczar/salad_prep
  revision: f6343fb7b31808ca06d7f4dae5d0a6d541b12df6
  specs:
    salad_prep (0.34.16)
      base64 (~> 0.2)
      bigdecimal (~> 3.1)
      ostruct (~> 0.6)
      ruby-mysql (~> 4.1)

GEM
  remote: https://rubygems.org/
  specs:
    base64 (0.2.0)
    bigdecimal (3.1.9)
    ostruct (0.6.1)
    ruby-mysql (4.2.0)

PLATFORMS
  ruby
  x86_64-linux

DEPENDENCIES
  salad_prep!

BUNDLED WITH
   2.5.16
